GEM
  remote: https://rubygems.org/
  specs:
    amatch (0.3.1)
      tins (~> 1.0)
    aruba (0.14.2)
      childprocess (~> 0.5.6)
      contracts (~> 0.9)
      cucumber (>= 1.3.19)
      ffi (~> 1.9.10)
      rspec-expectations (>= 2.99)
      thor (~> 0.19)
    ast (2.3.0)
    axiom-types (0.1.1)
      descendants_tracker (~> 0.0.4)
      ice_nine (~> 0.11.0)
      thread_safe (~> 0.3, >= 0.3.1)
    builder (3.2.3)
    byebug (9.0.6)
    childprocess (0.5.9)
      ffi (~> 1.0, >= 1.0.11)
    codeclimate-engine-rb (0.4.0)
      virtus (~> 1.0)
    coercible (1.0.0)
      descendants_tracker (~> 0.0.1)
    contracts (0.16.0)
    cucumber (2.4.0)
      builder (>= 2.1.2)
      cucumber-core (~> 1.5.0)
      cucumber-wire (~> 0.0.1)
      diff-lcs (>= 1.1.3)
      gherkin (~> 4.0)
      multi_json (>= 1.7.5, < 2.0)
      multi_test (>= 0.1.2)
    cucumber-core (1.5.0)
      gherkin (~> 4.0)
    cucumber-wire (0.0.1)
    descendants_tracker (0.0.4)
      thread_safe (~> 0.3, >= 0.3.1)
    diff-lcs (1.3)
    dredd_hooks (0.1.2)
    engtagger (0.2.1)
    equalizer (0.0.11)
    ffi (1.9.18)
    gherkin (4.1.3)
    gherkin_lint (0.6.3)
      amatch (>= 0.3.0)
      engtagger (>= 0.2.0)
      gherkin (>= 4.0.0)
      multi_json (>= 1.12.1)
      term-ansicolor (>= 1.3.2)
    ice_nine (0.11.2)
    json (1.8.6)
    multi_json (1.12.1)
    multi_test (0.1.2)
    parallel (1.11.2)
    parser (2.4.0.0)
      ast (~> 2.2)
    power_assert (1.0.2)
    powerpack (0.1.1)
    rainbow (2.2.2)
      rake
    rake (12.0.0)
    reek (4.7.0)
      codeclimate-engine-rb (~> 0.4.0)
      parser (>= 2.4.0.0, < 2.5)
      rainbow (~> 2.0)
    robot_remote_server (2.5.6)
      yard (>= 0.6.3)
    rspec-expectations (3.6.0)
      diff-lcs (>= 1.2.0, < 2.0)
      rspec-support (~> 3.6.0)
    rspec-support (3.6.0)
    rubocop (0.49.0)
      parallel (~> 1.10)
      parser (>= 2.3.3.1, < 3.0)
      powerpack (~> 0.1)
      rainbow (>= 1.99.1, < 3.0)
      ruby-progressbar (~> 1.7)
      unicode-display_width (~> 1.0, >= 1.0.1)
    ruby-lint (2.3.1)
      parser (~> 2.2)
      slop (~> 3.4, >= 3.4.7)
    ruby-progressbar (1.8.1)
    slop (3.6.0)
    term-ansicolor (1.6.0)
      tins (~> 1.0)
    test-unit (3.2.4)
      power_assert
    thor (0.19.4)
    thread_safe (0.3.6)
    tins (1.14.0)
    unicode-display_width (1.2.1)
    virtus (1.0.5)
      axiom-types (~> 0.1)
      coercible (~> 1.0)
      descendants_tracker (~> 0.0, >= 0.0.3)
      equalizer (~> 0.0, >= 0.0.9)
    yard (0.9.9)

PLATFORMS
  ruby

DEPENDENCIES
  aruba
  byebug
  cucumber (~> 2.4)
  dredd_hooks (= 0.1.2)
  gherkin_lint
  json (~> 1.8, >= 1.8.3)
  multi_json
  reek
  robot_remote_server (~> 2.5, >= 2.5.6)
  rubocop (~> 0.49.0)
  ruby-lint (~> 2.0, >= 2.0.4)
  test-unit
  yard

BUNDLED WITH
   1.15.0
